PATH
  remote: .
  specs:
    umbrellio-utils (0.6.1)
      memery (~> 1)

GEM
  remote: https://rubygems.org/
  specs:
    activesupport (7.0.4.2)
      concurrent-ruby (~> 1.0, >= 1.0.2)
      i18n (>= 1.6, < 2)
      minitest (>= 5.1)
      tzinfo (~> 2.0)
    amazing_print (1.4.0)
    ast (2.4.2)
    bundler-audit (0.9.1)
      bundler (>= 1.2.0, < 3)
      thor (~> 1.0)
    ci-helper (0.5.0)
      colorize (~> 0.8)
      dry-inflector (~> 0.2)
      umbrellio-sequel-plugins (~> 0.4)
    coderay (1.1.3)
    colorize (0.8.1)
    concurrent-ruby (1.2.0)
    diff-lcs (1.5.0)
    docile (1.4.0)
    dry-inflector (0.3.0)
    i18n (1.12.0)
      concurrent-ruby (~> 1.0)
    json (2.6.3)
    memery (1.4.1)
      ruby2_keywords (~> 0.0.2)
    method_source (1.0.0)
    mini_portile2 (2.8.1)
    minitest (5.17.0)
    nokogiri (1.14.1)
      mini_portile2 (~> 2.8.0)
      racc (~> 1.4)
    nokogiri (1.14.1-arm64-darwin)
      racc (~> 1.4)
    nokogiri (1.14.1-x86_64-darwin)
      racc (~> 1.4)
    nokogiri (1.14.1-x86_64-linux)
      racc (~> 1.4)
    nori (2.6.0)
    parallel (1.22.1)
    parser (3.2.1.0)
      ast (~> 2.4.1)
    pg (1.4.5)
    pry (0.14.2)
      coderay (~> 1.1)
      method_source (~> 1.0)
    racc (1.6.2)
    rack (3.0.4.1)
    rainbow (3.1.1)
    rake (13.0.6)
    regexp_parser (2.7.0)
    rexml (3.2.5)
    rspec (3.12.0)
      rspec-core (~> 3.12.0)
      rspec-expectations (~> 3.12.0)
      rspec-mocks (~> 3.12.0)
    rspec-core (3.12.1)
      rspec-support (~> 3.12.0)
    rspec-expectations (3.12.2)
      diff-lcs (>= 1.2.0, < 2.0)
      rspec-support (~> 3.12.0)
    rspec-json_matcher (0.2.0)
      amazing_print
      json
    rspec-mocks (3.12.3)
      diff-lcs (>= 1.2.0, < 2.0)
      rspec-support (~> 3.12.0)
    rspec-support (3.12.0)
    rubocop (1.43.0)
      json (~> 2.3)
      parallel (~> 1.10)
      parser (>= 3.2.0.0)
      rainbow (>= 2.2.2, < 4.0)
      regexp_parser (>= 1.8, < 3.0)
      rexml (>= 3.2.5, < 4.0)
      rubocop-ast (>= 1.24.1, < 2.0)
      ruby-progressbar (~> 1.7)
      unicode-display_width (>= 2.4.0, < 3.0)
    rubocop-ast (1.24.1)
      parser (>= 3.1.1.0)
    rubocop-config-umbrellio (1.43.0.81)
      rubocop (~> 1.43.0)
      rubocop-performance (~> 1.15.0)
      rubocop-rails (~> 2.17.0)
      rubocop-rake (~> 0.6.0)
      rubocop-rspec (~> 2.16.0)
      rubocop-sequel (~> 0.3.3)
    rubocop-performance (1.15.2)
      rubocop (>= 1.7.0, < 2.0)
      rubocop-ast (>= 0.4.0)
    rubocop-rails (2.17.4)
      activesupport (>= 4.2.0)
      rack (>= 1.1)
      rubocop (>= 1.33.0, < 2.0)
    rubocop-rake (0.6.0)
      rubocop (~> 1.0)
    rubocop-rspec (2.16.0)
      rubocop (~> 1.33)
    rubocop-sequel (0.3.4)
      rubocop (~> 1.0)
    ruby-progressbar (1.11.0)
    ruby2_keywords (0.0.5)
    semantic_logger (4.12.0)
      concurrent-ruby (~> 1.0)
    sequel (5.65.0)
    simplecov (0.22.0)
      docile (~> 1.1)
      simplecov-html (~> 0.11)
      simplecov_json_formatter (~> 0.1)
    simplecov-html (0.12.3)
    simplecov-lcov (0.8.0)
    simplecov_json_formatter (0.1.4)
    symbiont-ruby (0.7.0)
    thor (1.2.1)
    timecop (0.9.6)
    tzinfo (2.0.6)
      concurrent-ruby (~> 1.0)
    umbrellio-sequel-plugins (0.11.0.143)
      sequel
      symbiont-ruby
    unicode-display_width (2.4.2)
    webrick (1.7.0)
    yard (0.9.28)
      webrick (~> 1.7.0)

PLATFORMS
  arm64-darwin-20
  arm64-darwin-21
  ruby
  x86_64-darwin-20
  x86_64-linux

DEPENDENCIES
  activesupport
  bundler
  bundler-audit
  ci-helper
  nokogiri
  nori
  pg
  pry
  rake
  rspec
  rspec-json_matcher
  rubocop-config-umbrellio
  semantic_logger
  sequel
  simplecov
  simplecov-lcov
  timecop
  umbrellio-utils!
  yard

BUNDLED WITH
   2.4.5
